GEM
  remote: http://rubygems.org/
  specs:
    builder (2.1.2)
    eeepub (0.5.1)
      builder
    mime-types (1.16)

PLATFORMS
  ruby

DEPENDENCIES
  eeepub
  mime-types
