GEM
  remote: http://rubygems.org/
  specs:
    builder (2.1.2)
    eeepub (0.5.1)
      builder
    haml (3.0.18)
    ptools (1.1.9)
    tilt (1.1)

PLATFORMS
  ruby

DEPENDENCIES
  eeepub
  haml
  ptools
  tilt
